GEM
  remote: http://rubygems.org/
  specs:
    abstract (1.0.0)
    actionmailer (3.0.4.rc1)
      actionpack (= 3.0.4.rc1)
      mail (~> 2.2.15)
    actionpack (3.0.4.rc1)
      activemodel (= 3.0.4.rc1)
      activesupport (= 3.0.4.rc1)
      builder (~> 2.1.2)
      erubis (~> 2.6.6)
      i18n (~> 0.4)
      rack (~> 1.2.1)
      rack-mount (~> 0.6.13)
      rack-test (~> 0.5.7)
      tzinfo (~> 0.3.23)
    activemodel (3.0.4.rc1)
      activesupport (= 3.0.4.rc1)
      builder (~> 2.1.2)
      i18n (~> 0.4)
    activerecord (3.0.4.rc1)
      activemodel (= 3.0.4.rc1)
      activesupport (= 3.0.4.rc1)
      arel (~> 2.0.2)
      tzinfo (~> 0.3.23)
    activeresource (3.0.4.rc1)
      activemodel (= 3.0.4.rc1)
      activesupport (= 3.0.4.rc1)
    activesupport (3.0.4.rc1)
    arel (2.0.8)
    builder (2.1.2)
    devise (1.1.rc0)
      warden (~> 0.10.3)
    devise_rpx_connectable (0.1.3)
      devise (>= 1.0.6)
      rpx_now (>= 0.6.19)
    diff-lcs (1.1.2)
    erubis (2.6.6)
      abstract (>= 1.0.0)
    i18n (0.5.0)
    json_pure (1.5.1)
    mail (2.2.15)
      activesupport (>= 2.3.6)
      i18n (>= 0.4.0)
      mime-types (~> 1.16)
      treetop (~> 1.4.8)
    mime-types (1.16)
    nokogiri (1.4.4)
    polyglot (0.3.1)
    rack (1.2.1)
    rack-mount (0.6.13)
      rack (>= 1.0.0)
    rack-test (0.5.7)
      rack (>= 1.0)
    rails (3.0.4.rc1)
      actionmailer (= 3.0.4.rc1)
      actionpack (= 3.0.4.rc1)
      activerecord (= 3.0.4.rc1)
      activeresource (= 3.0.4.rc1)
      activesupport (= 3.0.4.rc1)
      bundler (~> 1.0)
      railties (= 3.0.4.rc1)
    railties (3.0.4.rc1)
      actionpack (= 3.0.4.rc1)
      activesupport (= 3.0.4.rc1)
      rake (>= 0.8.7)
      thor (~> 0.14.4)
    rake (0.8.7)
    recaptcha (0.3.1)
    rpx_now (0.6.24)
      json_pure
    rspec (2.5.0)
      rspec-core (~> 2.5.0)
      rspec-expectations (~> 2.5.0)
      rspec-mocks (~> 2.5.0)
    rspec-core (2.5.1)
    rspec-expectations (2.5.0)
      diff-lcs (~> 1.1.2)
    rspec-mocks (2.5.0)
    rspec-rails (2.5.0)
      actionpack (~> 3.0)
      activesupport (~> 3.0)
      railties (~> 3.0)
      rspec (~> 2.5.0)
    sqlite3-ruby (1.3.2)
    thor (0.14.6)
    treetop (1.4.9)
      polyglot (>= 0.3.1)
    tzinfo (0.3.24)
    warden (0.10.7)
      rack (>= 1.0.0)
    webrat (0.7.1)
      nokogiri (>= 1.2.0)
      rack (>= 1.0)
      rack-test (>= 0.5.3)

PLATFORMS
  ruby

DEPENDENCIES
  devise (= 1.1.rc0)
  devise_rpx_connectable
  rails (= 3.0.4.rc1)
  recaptcha
  rspec (= 2.5.0)
  rspec-rails (= 2.5.0)
  sqlite3-ruby (= 1.3.2)
  webrat (= 0.7.1)
